GIT
  remote: git://github.com/sinatra/sinatra.git
  revision: c1fbe4e7561021d97c0b95a4abc4d897cbe4db50
  specs:
    sinatra (1.4.3)
      rack (~> 1.4)
      rack-protection (~> 1.4)
      tilt (~> 1.3, >= 1.3.4)

GEM
  remote: https://rubygems.org/
  specs:
    rack (1.5.2)
    rack-protection (1.5.0)
      rack
    tilt (1.4.1)

PLATFORMS
  ruby

DEPENDENCIES
  sinatra!
